GEM
  remote: https://rubygems.org/
  specs:
    addressable (2.5.2)
      public_suffix (>= 2.0.2, < 4.0)
    httparty (0.16.1)
      multi_xml (>= 0.5.2)
    json (2.1.0)
    mail (2.7.0)
      mini_mime (>= 0.1.1)
    mime (0.4.4)
    mini_mime (1.0.0)
    multi_xml (0.6.0)
    public_suffix (3.0.2)
    ruby-gmail (0.3.1)
      mail (>= 2.2.1)
      mime (>= 0.1)
      shared-mime-info
    shared-mime-info (0.2.5)
    wunderground (1.2.0)
      addressable
      httparty (> 0.6.0)
      json (> 1.4.0)

PLATFORMS
  ruby

DEPENDENCIES
  mime (= 0.4.4)
  ruby-gmail (= 0.3.1)
  wunderground (= 1.2.0)

BUNDLED WITH
   1.16.1
